PATH
  remote: .
  specs:
    petermorphose (2.0.3)
      gosu
      require_relative

GEM
  remote: https://rubygems.org/
  specs:
    cri (2.1.0)
    gosu (0.7.45)
    gosu (0.7.45-x86-mingw32)
    ocra (1.3.0)
    rake (0.9.2.2)
    releasy (0.2.3)
      bundler (~> 1.2.1)
      cri (~> 2.1.0)
      ocra (~> 1.3.0)
      rake (~> 0.9.2.2)
      thor (~> 0.14.6)
    require_relative (1.0.3)
    thor (0.14.6)

PLATFORMS
  ruby
  x86-mingw32

DEPENDENCIES
  petermorphose!
  releasy
