GEM
  remote: http://rubygems.org/
  specs:
    gosu (0.7.37)
    gosu (0.7.37-x86-mingw32)
    require_relative (1.0.2)

PLATFORMS
  ruby
  x86-mingw32

DEPENDENCIES
  gosu
  require_relative
