GEM
  remote: http://rubygems.org/
  specs:
    gosu (0.7.37)
    require_relative (1.0.2)

PLATFORMS
  ruby

DEPENDENCIES
  gosu
  require_relative
