GEM
  remote: http://rubygems.org/
  specs:
    gosu (0.7.35)
    locale (2.0.5)

PLATFORMS
  ruby

DEPENDENCIES
  gosu
  locale
